GEM
  remote: https://rubygems.org/
  specs:
    backports (3.6.4)
    bson (3.0.3)
    bson_ext (1.5.1)
    json (1.8.2)
    kgio (2.9.3)
    mongo (2.0.4)
      bson (~> 3.0)
    multi_json (1.11.0)
    rack (1.6.1)
    rack-protection (1.5.3)
      rack
    rack-test (0.6.3)
      rack (>= 1.0)
    raindrops (0.13.0)
    sinatra (1.4.4)
      rack (~> 1.4)
      rack-protection (~> 1.4)
      tilt (~> 1.3, >= 1.3.4)
    sinatra-contrib (1.4.1)
      backports (>= 2.0)
      multi_json
      rack-protection
      rack-test
      sinatra (~> 1.4.0)
      tilt (~> 1.3)
    tilt (1.4.1)
    unicorn (4.9.0)
      kgio (~> 2.6)
      rack
      raindrops (~> 0.7)

PLATFORMS
  ruby

DEPENDENCIES
  bson_ext
  json
  mongo
  sinatra (= 1.4.4)
  sinatra-contrib (= 1.4.1)
  unicorn
